PATH
  remote: .
  specs:
    danarchy_deploy (0.2.12)
      danarchy_couchdb (~> 0.1)
      mongo (~> 2.20)
      openssl (~> 3.3)

GEM
  remote: https://rubygems.org/
  specs:
    bson (5.0.2)
    danarchy_couchdb (0.1.3)
    mongo (2.21.0)
      bson (>= 4.14.1, < 6.0.0)
    openssl (3.3.0)
    rake (13.2.1)

PLATFORMS
  ruby
  x86_64-linux

DEPENDENCIES
  bundler (~> 2.6)
  danarchy_deploy!
  rake (~> 13.0)

BUNDLED WITH
   2.6.5
