PATH
  remote: .
  specs:
    danarchy_deploy (0.2.5)
      danarchy_couchdb (~> 0.1)
      mongo (~> 2.17)

GEM
  remote: https://rubygems.org/
  specs:
    bson (4.14.0)
    danarchy_couchdb (0.1.3)
    mongo (2.17.0)
      bson (>= 4.8.2, < 5.0.0)
    rake (13.0.6)

PLATFORMS
  x86_64-linux

DEPENDENCIES
  bundler (~> 2.3)
  danarchy_deploy!
  rake (~> 13.0)

BUNDLED WITH
   2.3.3
