PATH
  remote: .
  specs:
    danarchy_deploy (0.2.0)
      danarchy_couchdb (~> 0.1.0)
      mongo (~> 2.13)

GEM
  remote: https://rubygems.org/
  specs:
    bson (4.10.1)
    danarchy_couchdb (0.1.2)
    mongo (2.13.1)
      bson (>= 4.8.2, < 5.0.0)
    rake (13.0.1)

PLATFORMS
  ruby

DEPENDENCIES
  bundler (~> 2.1)
  danarchy_deploy!
  rake (~> 13.0)

BUNDLED WITH
   2.1.4
